GEM
  remote: http://rubygems.org/
  specs:
    github-markup (1.3.1)
      posix-spawn (~> 0.3.8)
    posix-spawn (0.3.9)
    redcarpet (3.2.2)

PLATFORMS
  ruby

DEPENDENCIES
  github-markup
  redcarpet
